GIT
  remote: https://github.com/collectiveidea/awesome_nested_set.git
  revision: acd09d3b101213b205bea56458f1686611712aec
  tag: master
  specs:
    awesome_nested_set (2.1.6)
      activerecord (>= 3.0.0)

GIT
  remote: https://github.com/laserlemon/vestal_versions.git
  revision: c7aa512666b22e1a47b4fb36bb1679cb847a532e
  tag: master
  specs:
    vestal_versions (1.2.3)
      activerecord (~> 3.0)
      activesupport (~> 3.0)

GIT
  remote: https://github.com/panozzaj/andand.git
  revision: f2f43e542d82fdf4f605922da62ad3adb2cd4fe7
  specs:
    andand (1.3.1)

GEM
  remote: https://rubygems.org/
  specs:
    POpen4 (0.1.4)
      Platform (>= 0.4.0)
      open4
    Platform (0.4.0)
    RedCloth (4.2.9)
    RedCloth (4.2.9-x86-mingw32)
    actionmailer (3.2.12)
      actionpack (= 3.2.12)
      mail (~> 2.4.4)
    actionpack (3.2.12)
      activemodel (= 3.2.12)
      activesupport (= 3.2.12)
      builder (~> 3.0.0)
      erubis (~> 2.7.0)
      journey (~> 1.0.4)
      rack (~> 1.4.5)
      rack-cache (~> 1.2)
      rack-test (~> 0.6.1)
      sprockets (~> 2.2.1)
    activemodel (3.2.12)
      activesupport (= 3.2.12)
      builder (~> 3.0.0)
    activerecord (3.2.12)
      activemodel (= 3.2.12)
      activesupport (= 3.2.12)
      arel (~> 3.0.2)
      tzinfo (~> 0.3.29)
    activeresource (3.2.12)
      activemodel (= 3.2.12)
      activesupport (= 3.2.12)
    activesupport (3.2.12)
      i18n (~> 0.6)
      multi_json (~> 1.0)
    addressable (2.2.4)
    alchemist (0.1.2.1)
    arel (3.0.2)
    bio (1.4.1)
    bourbon (1.4.0)
      sass (>= 3.1)
    builder (3.0.4)
    columnize (0.3.6)
    daemons (1.0.10)
    debugger (1.6.5)
      columnize (>= 0.3.1)
      debugger-linecache (~> 1.2.0)
      debugger-ruby_core_source (~> 1.3.1)
    debugger-linecache (1.2.0)
    debugger-ruby_core_source (1.3.1)
    erubis (2.7.0)
    eventmachine (1.0.1)
    eventmachine (1.0.1-x86-mingw32)
    gem_plugin (0.2.3)
    geokit (1.6.5)
      multi_json
    haml (4.0.0)
      tilt
    hike (1.2.1)
    i18n (0.6.4)
    jammit (0.6.3)
      yui-compressor (>= 0.9.3)
    journey (1.0.4)
    json (1.7.7)
    kaminari (0.13.0)
      actionpack (>= 3.0.0)
      activesupport (>= 3.0.0)
      railties (>= 3.0.0)
    machinist (2.0)
    mail (2.4.4)
      i18n (>= 0.4.0)
      mime-types (~> 1.16)
      treetop (~> 1.4.8)
    mime-types (1.21)
    minitest (2.11.3)
    mongrel (1.2.0.pre2)
      daemons (~> 1.0.10)
      gem_plugin (~> 0.2.3)
    mongrel (1.2.0.pre2-x86-mingw32)
      gem_plugin (~> 0.2.3)
    multi_json (1.1.0)
    mysql2 (0.3.14)
    nexus_parser (1.1.4)
    nokogiri (1.5.1)
    nokogiri (1.5.1-x86-mingw32)
    obo_parser (0.3.4)
    open4 (1.3.0)
    polyglot (0.3.3)
    pothoven-attachment_fu (3.2.5)
    rack (1.4.5)
    rack-cache (1.2)
      rack (>= 0.4)
    rack-ssl (1.3.3)
      rack
    rack-test (0.6.2)
      rack (>= 1.0)
    rails (3.2.12)
      actionmailer (= 3.2.12)
      actionpack (= 3.2.12)
      activerecord (= 3.2.12)
      activeresource (= 3.2.12)
      activesupport (= 3.2.12)
      bundler (~> 1.0)
      railties (= 3.2.12)
    rails-footnotes (3.7.5)
      rails (>= 3.0.0)
    railties (3.2.12)
      actionpack (= 3.2.12)
      activesupport (= 3.2.12)
      rack-ssl (~> 1.3.2)
      rake (>= 0.8.7)
      rdoc (~> 3.4)
      thor (>= 0.14.6, < 2.0)
    rake (0.9.2.2)
    rdf (0.3.3)
      addressable (= 2.2.4)
    rdf-rdfxml (0.3.3.1)
      nokogiri (>= 1.4.4)
      rdf (>= 0.3.3)
    rdoc (3.12.2)
      json (~> 1.4)
    ruby-graphviz (0.9.21)
    rubyMorphbank (0.2.6)
    sass (3.2.6)
    sprockets (2.2.2)
      hike (~> 1.2)
      multi_json (~> 1.0)
      rack (~> 1.0)
      tilt (~> 1.1, != 1.3.0)
    thin (1.5.0)
      daemons (>= 1.0.9)
      eventmachine (>= 0.12.6)
      rack (>= 1.0.0)
    thor (0.17.0)
    tilt (1.3.4)
    treetop (1.4.12)
      polyglot
      polyglot (>= 0.3.1)
    tzinfo (0.3.36)
    useragent (0.4.8)
    win32-open3-19 (0.0.1)
    yui-compressor (0.9.6)
      POpen4 (>= 0.1.4)

PLATFORMS
  ruby
  x86-mingw32

DEPENDENCIES
  RedCloth
  alchemist (= 0.1.2.1)
  andand!
  awesome_nested_set!
  bio (= 1.4.1)
  bourbon
  debugger
  geokit
  haml (= 4.0.0)
  jammit (= 0.6.3)
  kaminari
  machinist (>= 2.0.0.beta2)
  minitest
  mongrel (= 1.2.0.pre2)
  mysql2 (= 0.3.14)
  nexus_parser (= 1.1.4)
  obo_parser (= 0.3.4)
  pothoven-attachment_fu
  rails (= 3.2.12)
  rails-footnotes
  rake (= 0.9.2.2)
  rdf (= 0.3.3)
  rdf-rdfxml (= 0.3.3.1)
  ruby-graphviz (= 0.9.21)
  rubyMorphbank (~> 0.2.4)
  sass (~> 3.2.5)
  thin
  useragent (~> 0.4.8)
  vestal_versions!
  win32-open3-19
